GEM
  remote: https://rubygems.org/
  specs:
    matrix (0.4.2)

PLATFORMS
  arm64-darwin-23
  ruby

DEPENDENCIES
  matrix

BUNDLED WITH
   2.5.23
